GEM
  remote: https://rubygems.org/
  specs:
    cpf_cnpj (0.5.0)
    os (1.1.4)

PLATFORMS
  ruby
  x86_64-linux

DEPENDENCIES
  cpf_cnpj
  os

BUNDLED WITH
   2.5.5
